GEM
  remote: https://rubygems.org/
  specs:
    axiom-types (0.1.1)
      descendants_tracker (~> 0.0.4)
      ice_nine (~> 0.11.0)
      thread_safe (~> 0.3, >= 0.3.1)
    coercible (1.0.0)
      descendants_tracker (~> 0.0.1)
    descendants_tracker (0.0.4)
      thread_safe (~> 0.3, >= 0.3.1)
    equalizer (0.0.9)
    ice_nine (0.11.0)
    jbundler (0.5.5)
      bundler (~> 1.5)
      ruby-maven (>= 3.1.1.0.1, < 3.1.2)
    maven-tools (1.0.0)
      virtus (~> 1.0)
    ruby-maven (3.1.1.0.6)
      maven-tools (~> 1.0.0)
      ruby-maven-libs (= 3.1.1)
    ruby-maven-libs (3.1.1)
    thread_safe (0.3.4-java)
    virtus (1.0.2)
      axiom-types (~> 0.1)
      coercible (~> 1.0)
      descendants_tracker (~> 0.0.3)
      equalizer (~> 0.0.9)

PLATFORMS
  java

DEPENDENCIES
  jbundler (= 0.5.5)
